GIT
  remote: https://github.com/medusa-project/simple-amqp-server.git
  revision: bbe6d054dd244d4522750663b8ff9cd1506ee274
  specs:
    simple-amqp-server (0.0.3)
      bunny
      logging
      uuid

PATH
  remote: .
  specs:
    dspace_amqp_server (0.0.1)
      methadone (~> 1.8.0)

GEM
  remote: https://rubygems.org/
  specs:
    amq-protocol (1.9.2)
    aruba (0.6.1)
      childprocess (>= 0.3.6)
      cucumber (>= 1.1.1)
      rspec-expectations (>= 2.7.0)
    bagit (0.3.2)
      docopt (~> 0.5.0)
      validatable (~> 1.6)
    builder (3.2.2)
    bunny (1.6.3)
      amq-protocol (>= 1.9.2)
    childprocess (0.5.5)
      ffi (~> 1.0, >= 1.0.11)
    cucumber (1.3.17)
      builder (>= 2.1.2)
      diff-lcs (>= 1.1.3)
      gherkin (~> 2.12)
      multi_json (>= 1.7.5, < 2.0)
      multi_test (>= 0.1.1)
    diff-lcs (1.2.5)
    docopt (0.5.0)
    ffi (1.9.6)
    gherkin (2.12.2)
      multi_json (~> 1.3)
    json (1.8.1)
    little-plugger (1.1.3)
    logging (1.8.2)
      little-plugger (>= 1.1.3)
      multi_json (>= 1.8.4)
    macaddr (1.7.1)
      systemu (~> 2.6.2)
    methadone (1.8.0)
      bundler
    multi_json (1.10.1)
    multi_test (0.1.1)
    os (0.9.6)
    rake (10.3.2)
    rdoc (4.1.2)
      json (~> 1.4)
    rspec-expectations (3.1.2)
      diff-lcs (>= 1.2.0, < 2.0)
      rspec-support (~> 3.1.0)
    rspec-support (3.1.2)
    rubyzip (1.1.6)
    systemu (2.6.4)
    uuid (2.3.7)
      macaddr (~> 1.0)
    validatable (1.6.7)

PLATFORMS
  ruby

DEPENDENCIES
  aruba
  bagit
  bundler (~> 1.7)
  dspace_amqp_server!
  os
  rake
  rdoc
  rubyzip
  simple-amqp-server!
